PATH
  remote: .
  specs:
    mongodb-graphite (1.1.2)
      daemons (= 1.2.3)
      mongo (= 2.2.3)
      simple-graphite (= 2.1.0)

GEM
  remote: http://rubygems.org/
  specs:
    bson (4.0.3)
    daemons (1.2.3)
    mongo (2.2.3)
      bson (~> 4.0)
    simple-graphite (2.1.0)

PLATFORMS
  ruby

DEPENDENCIES
  mongodb-graphite!

BUNDLED WITH
   1.11.2
