PATH
  remote: .
  specs:
    mongodb-graphite (1.1.0)
      daemons
      mongo (>= 1.8.0)
      simple-graphite (>= 2.1.0)

GEM
  remote: http://rubygems.org/
  specs:
    bson (1.10.0)
    daemons (1.1.9)
    mongo (1.10.0)
      bson (~> 1.10.0)
    simple-graphite (2.1.0)

PLATFORMS
  ruby

DEPENDENCIES
  mongodb-graphite!
