PATH
  remote: .
  specs:
    mongodb-graphite (1.0.0)
      daemons
      mongo (>= 1.5.2)
      simple-graphite (>= 2.1.0)

GEM
  remote: http://rubygems.org/
  specs:
    bson (1.8.6)
    daemons (1.1.9)
    mongo (1.8.6)
      bson (~> 1.8.6)
    simple-graphite (2.1.0)

PLATFORMS
  ruby

DEPENDENCIES
  mongodb-graphite!
